GEM
  remote: https://rubygems.org/
  specs:
    activesupport (3.1.12)
      multi_json (~> 1.0)
    atomic (1.1.14)
    daemon-kit (0.2.3)
      eventmachine (>= 0.12.10)
      i18n
      rubigen
      safely (>= 0.3.1)
      thor
    diff-lcs (1.2.5)
    eventmachine (1.0.3)
    i18n (0.6.9)
    multi_json (1.8.2)
    rake (10.1.1)
    rspec (2.14.1)
      rspec-core (~> 2.14.0)
      rspec-expectations (~> 2.14.0)
      rspec-mocks (~> 2.14.0)
    rspec-core (2.14.7)
    rspec-expectations (2.14.4)
      diff-lcs (>= 1.1.3, < 2.0)
    rspec-mocks (2.14.4)
    rubigen (1.5.8)
      activesupport (>= 2.3.5, < 3.2.0)
    rufus-scheduler (2.0.24)
      tzinfo (>= 0.3.22)
    safely (0.3.2)
    thor (0.18.1)
    thread_safe (0.1.3)
      atomic
    tzinfo (1.1.0)
      thread_safe (~> 0.1)

PLATFORMS
  ruby

DEPENDENCIES
  daemon-kit
  rake
  rspec
  rufus-scheduler (~> 2.0)
  safely
